GIT
  remote: git://github.com/peatio/peatio-client-ruby.git
  revision: 3cca2d6dcbf5d8bba46678a309bd598298ae5acf
  specs:
    peatio_client (0.0.7)
      activesupport
      faye-websocket

GIT
  remote: https://github.com/peatio/bitbot.git
  revision: 4686717c1c17314789ab77c248887fc6f1056c14
  specs:
    bitbot (0.0.1)
      mongoid

GEM
  remote: http://ruby.taobao.org/
  specs:
    activemodel (3.2.17)
      activesupport (= 3.2.17)
      builder (~> 3.0.0)
    activesupport (3.2.17)
      i18n (~> 0.6, >= 0.6.4)
      multi_json (~> 1.0)
    builder (3.0.4)
    eventmachine (1.0.4)
    faye-websocket (0.9.2)
      eventmachine (>= 0.12.0)
      websocket-driver (>= 0.5.1)
    i18n (0.6.9)
    minitest (5.3.3)
    mongoid (3.1.6)
      activemodel (~> 3.2)
      moped (~> 1.4)
      origin (~> 1.0)
      tzinfo (~> 0.3.29)
    moped (1.5.2)
    multi_json (1.9.3)
    origin (1.1.0)
    tzinfo (0.3.39)
    websocket-driver (0.5.1)
      websocket-extensions (>= 0.1.0)
    websocket-extensions (0.1.1)

PLATFORMS
  ruby

DEPENDENCIES
  bitbot!
  minitest (~> 5.3.3)
  mongoid (~> 3.1.6)
  peatio_client!
